GEM
  remote: https://rubygems.org/
  specs:
    ast (2.4.2)
    flog (4.6.6)
      path_expander (~> 1.0)
      ruby_parser (~> 3.1, > 3.1.0)
      sexp_processor (~> 4.8)
    kwalify (0.7.2)
    minitest (5.11.3)
    parser (3.2.2.0)
      ast (~> 2.4.1)
    path_expander (1.1.1)
    rainbow (3.1.1)
    reek (6.1.4)
      kwalify (~> 0.7.0)
      parser (~> 3.2.0)
      rainbow (>= 2.0, < 4.0)
    ruby_parser (3.20.0)
      sexp_processor (~> 4.16)
    sexp_processor (4.16.1)

PLATFORMS
  universal-darwin-21
  universal-darwin-22

DEPENDENCIES
  flog
  minitest
  reek

BUNDLED WITH
   2.3.11
