GEM
  remote: https://rubygems.org/
  specs:
    minitest (5.11.3)

PLATFORMS
  universal-darwin-21
  universal-darwin-22

DEPENDENCIES
  minitest

BUNDLED WITH
   2.3.17
